GIT
  remote: git://github.com/Caged/proj4rb.git
  revision: af9e96a3d2ee116d9a58dc4c667bde3619ac3a4d
  branch: ruby19
  specs:
    proj4rb (0.3.2)

GIT
  remote: git://github.com/indirect/rails3-generators.git
  revision: 32bd41e8d27fda7beffd9cd4c6500d2882ac1759
  specs:
    rails3-generators (0.17.0)
      railties (>= 3.0.0)

GIT
  remote: git://github.com/parrish/mongo_geo.git
  revision: 829b59102ad818a8652d29382a247b7b9cc36ece
  specs:
    mongo_geo (0.2.0)
      mongo_mapper (>= 0.8.2)

GIT
  remote: http://github.com/jnunemaker/mongomapper.git
  revision: fd59b0ab068be7321f8e84b9dc12fb4fa6b8535d
  branch: rails3
  specs:
    mongo_mapper (0.8.4)
      activemodel (~> 3.0.0)
      activesupport (~> 3.0.0)
      plucky (~> 0.3.6)

GEM
  remote: http://rubygems.org/
  specs:
    aaronh-chronic (0.3.9)
    abstract (1.0.0)
    actionmailer (3.0.3)
      actionpack (= 3.0.3)
      mail (~> 2.2.9)
    actionpack (3.0.3)
      activemodel (= 3.0.3)
      activesupport (= 3.0.3)
      builder (~> 2.1.2)
      erubis (~> 2.6.6)
      i18n (~> 0.4)
      rack (~> 1.2.1)
      rack-mount (~> 0.6.13)
      rack-test (~> 0.5.6)
      tzinfo (~> 0.3.23)
    activemodel (3.0.3)
      activesupport (= 3.0.3)
      builder (~> 2.1.2)
      i18n (~> 0.4)
    activerecord (3.0.3)
      activemodel (= 3.0.3)
      activesupport (= 3.0.3)
      arel (~> 2.0.2)
      tzinfo (~> 0.3.23)
    activeresource (3.0.3)
      activemodel (= 3.0.3)
      activesupport (= 3.0.3)
    activesupport (3.0.3)
    arel (2.0.4)
    bson (1.1.1)
    bson_ext (1.1.2)
    builder (2.1.2)
    closure-compiler (0.3.3)
    crack (0.1.8)
    diff-lcs (1.1.2)
    erubis (2.6.6)
      abstract (>= 1.0.0)
    factory_girl (1.3.2)
    factory_girl_rails (1.0)
      factory_girl (~> 1.3)
      rails (>= 3.0.0.beta4)
    geonames (0.2.2)
    haml (3.0.24)
    hpricot (0.8.3)
    httparty (0.6.1)
      crack (= 0.1.8)
    i18n (0.4.2)
    jammit (0.5.3)
      closure-compiler (>= 0.1.0)
      yui-compressor (>= 0.9.1)
    jquery-rails (0.2.4)
      rails (~> 3.0)
    json (1.4.6)
    mail (2.2.10)
      activesupport (>= 2.3.6)
      i18n (~> 0.4.1)
      mime-types (~> 1.16)
      treetop (~> 1.4.8)
    mime-types (1.16)
    mongo (1.1.1)
      bson (>= 1.1.1)
    plucky (0.3.6)
      mongo (~> 1.1)
    polyglot (0.3.1)
    pony (1.1)
      mail (> 2.0)
    rack (1.2.1)
    rack-mount (0.6.13)
      rack (>= 1.0.0)
    rack-test (0.5.6)
      rack (>= 1.0)
    rails (3.0.3)
      actionmailer (= 3.0.3)
      actionpack (= 3.0.3)
      activerecord (= 3.0.3)
      activeresource (= 3.0.3)
      activesupport (= 3.0.3)
      bundler (~> 1.0)
      railties (= 3.0.3)
    rails_config (0.2.1)
      activesupport (~> 3.0)
    railties (3.0.3)
      actionpack (= 3.0.3)
      activesupport (= 3.0.3)
      rake (>= 0.8.7)
      thor (~> 0.14.4)
    rake (0.8.7)
    rspec (2.1.0)
      rspec-core (~> 2.1.0)
      rspec-expectations (~> 2.1.0)
      rspec-mocks (~> 2.1.0)
    rspec-core (2.1.0)
    rspec-expectations (2.1.0)
      diff-lcs (~> 1.1.2)
    rspec-mocks (2.1.0)
    rspec-rails (2.1.0)
      rspec (~> 2.1.0)
    sms_fu (1.1.2)
    thor (0.14.6)
    treetop (1.4.9)
      polyglot (>= 0.3.1)
    twilio-rb (1.0beta)
      activesupport (>= 3.0.0)
      builder (>= 2.1.2)
      httparty (>= 0.6.1)
      yajl-ruby (>= 0.7.7)
    tzinfo (0.3.23)
    whenever (0.6.1)
      aaronh-chronic (>= 0.3.9)
      activesupport (>= 2.3.4)
    yajl-ruby (0.7.8)
    yui-compressor (0.9.1)

PLATFORMS
  ruby

DEPENDENCIES
  bson_ext (= 1.1.2)
  closure-compiler
  factory_girl_rails
  geonames
  haml
  hpricot
  jammit
  jquery-rails
  json (= 1.4.6)
  mongo_geo!
  mongo_mapper!
  pony
  proj4rb!
  rails (= 3.0.3)
  rails3-generators!
  rails_config
  rspec (= 2.1.0)
  rspec-rails (= 2.1.0)
  sms_fu
  twilio-rb (= 1.0beta)
  whenever
  yui-compressor
